PATH
  remote: .
  specs:
    tms_bridge (0.0.1)
      actionpack (~> 3.0.0)
      iron_cache
      uuidtools

GEM
  remote: https://rubygems.org/
  specs:
    abstract (1.0.0)
    actionpack (3.0.20)
      activemodel (= 3.0.20)
      activesupport (= 3.0.20)
      builder (~> 2.1.2)
      erubis (~> 2.6.6)
      i18n (~> 0.5.0)
      rack (~> 1.2.5)
      rack-mount (~> 0.6.14)
      rack-test (~> 0.5.7)
      tzinfo (~> 0.3.23)
    activemodel (3.0.20)
      activesupport (= 3.0.20)
      builder (~> 2.1.2)
      i18n (~> 0.5.0)
    activesupport (3.0.20)
    builder (2.1.2)
    diff-lcs (1.2.4)
    erubis (2.6.6)
      abstract (>= 1.0.0)
    i18n (0.5.0)
    iron_cache (1.3.0)
      iron_core (>= 0.4.2)
    iron_core (0.5.1)
      rest (>= 2.2.0)
    mime-types (1.23)
    net-http-persistent (2.8)
    rack (1.2.8)
    rack-mount (0.6.14)
      rack (>= 1.0.0)
    rack-test (0.5.7)
      rack (>= 1.0)
    rake (10.0.4)
    rest (2.2.0)
      net-http-persistent
      rest-client (>= 0.3.0)
    rest-client (1.6.7)
      mime-types (>= 1.16)
    rspec (2.13.0)
      rspec-core (~> 2.13.0)
      rspec-expectations (~> 2.13.0)
      rspec-mocks (~> 2.13.0)
    rspec-core (2.13.1)
    rspec-expectations (2.13.0)
      diff-lcs (>= 1.1.3, < 2.0)
    rspec-mocks (2.13.1)
    tzinfo (0.3.37)
    uuidtools (2.1.3)

PLATFORMS
  ruby

DEPENDENCIES
  bundler (~> 1.3)
  rake
  rspec (~> 2.6)
  tms_bridge!
